ObjectType = Image
NDims = 3
BinaryData = True
BinaryDataByteOrderMSB = False
CompressedData = False
TransformMatrix = 1 0 0 0 1 0 0 0 1
Offset = -35.994999999999997 -136.995 -37
CenterOfRotation = 0 0 0
ElementSpacing = 2 2 2
DimSize = 35 85 35
AnatomicalOrientation = ???
ElementType = MET_FLOAT
ElementDataFile = dose-Dose.raw
