ObjectType = Image
NDims = 4
BinaryData = True
BinaryDataByteOrderMSB = False
CompressedData = False
TransformMatrix = 1 0 0 0 0 1 0 0 0 0 1 0 0 0 0 1
Offset = -35.994999999000015 -136.99499999900002 -36.999999999000011 2.209259673216538e-314
CenterOfRotation = 0 0 0 0
ElementSpacing = 2 2 2 1
HistoMinInMeV = 0
HistoMaxInMeV = 10
TotalSum = 0.078533647153793046
DimSize = 35 85 35 250
AnatomicalOrientation = ????
ElementType = MET_FLOAT
ElementDataFile = source.raw
